GIT
  remote: git://github.com/mongoid/mongoid.git
  revision: f8b439dd9a59b769389aff81a42502cd857cf7fa
  specs:
    mongoid (4.0.0.alpha1)
      activemodel (~> 4.0.0)
      moped (~> 2.0.beta4)
      origin (~> 1.0)
      tzinfo (~> 0.3.37)

GEM
  remote: https://rubygems.org/
  specs:
    activemodel (4.0.1)
      activesupport (= 4.0.1)
      builder (~> 3.1.0)
    activesupport (4.0.1)
      i18n (~> 0.6, >= 0.6.4)
      minitest (~> 4.2)
      multi_json (~> 1.3)
      thread_safe (~> 0.1)
      tzinfo (~> 0.3.37)
    addressable (2.3.3)
    async-rack (0.5.1)
      rack (~> 1.1)
    atomic (1.1.14)
    backports (2.6.7)
    bson (2.0.0)
    builder (3.1.4)
    columnize (0.3.6)
    connection_pool (1.2.0)
    cookiejar (0.3.0)
    debugger (1.6.3)
      columnize (>= 0.3.1)
      debugger-linecache (~> 1.2.0)
      debugger-ruby_core_source (~> 1.2.4)
    debugger-linecache (1.2.0)
    debugger-ruby_core_source (1.2.4)
    descendants_tracker (0.0.1)
    diff-lcs (1.1.3)
    em-http-request (1.0.3)
      addressable (>= 2.2.3)
      cookiejar
      em-socksify
      eventmachine (>= 1.0.0.beta.4)
      http_parser.rb (>= 0.5.3)
    em-socksify (0.2.1)
      eventmachine (>= 1.0.0.beta.4)
    em-synchrony (1.0.3)
      eventmachine (>= 1.0.0.beta.1)
    em-websocket (0.4.0)
      eventmachine (>= 0.12.9)
      http_parser.rb (~> 0.5.3)
    eventmachine (1.0.0)
    factory_girl (4.3.0)
      activesupport (>= 3.0.0)
    foreman (0.61.0)
      thor (>= 0.13.6)
    fuubar (1.2.1)
      rspec (~> 2.0)
      rspec-instafail (~> 0.2.0)
      ruby-progressbar (~> 1.0)
    goliath (1.0.1)
      async-rack
      em-synchrony (>= 1.0.0)
      em-websocket
      eventmachine (>= 1.0.0.beta.4)
      http_parser.rb (= 0.5.3)
      log4r
      multi_json
      rack (>= 1.2.2)
      rack-contrib
      rack-respond_to
    grape (0.3.0)
      activesupport
      builder
      hashie (~> 1.2)
      multi_json (>= 1.3.2)
      multi_xml (>= 0.5.2)
      rack
      rack-accept
      rack-mount
      virtus
    hashie (1.2.0)
    http_parser.rb (0.5.3)
    i18n (0.6.5)
    log4r (1.1.10)
    mime-types (1.19)
    minitest (4.7.5)
    moped (2.0.0.beta4)
      bson (~> 2.0)
      connection_pool (~> 1.2)
      optionable (~> 0.2.0)
    multi_json (1.8.2)
    multi_xml (0.5.3)
    optionable (0.2.0)
    origin (1.1.0)
    rack (1.5.2)
    rack-accept (0.4.5)
      rack (>= 0.4)
    rack-accept-media-types (0.9)
    rack-contrib (1.1.0)
      rack (>= 0.9.1)
    rack-mount (0.8.3)
      rack (>= 1.0.0)
    rack-respond_to (0.9.8)
      rack-accept-media-types (>= 0.6)
    rack-test (0.6.2)
      rack (>= 1.0)
    rake (10.0.3)
    rest-client (1.6.7)
      mime-types (>= 1.16)
    rspec (2.12.0)
      rspec-core (~> 2.12.0)
      rspec-expectations (~> 2.12.0)
      rspec-mocks (~> 2.12.0)
    rspec-core (2.12.2)
    rspec-expectations (2.12.1)
      diff-lcs (~> 1.1.3)
    rspec-instafail (0.2.4)
    rspec-mocks (2.12.2)
    ruby-progressbar (1.2.0)
    thor (0.17.0)
    thread_safe (0.1.3)
      atomic
    tzinfo (0.3.38)
    virtus (0.5.4)
      backports (~> 2.6.1)
      descendants_tracker (~> 0.0.1)
    yajl-ruby (1.1.0)

PLATFORMS
  ruby

DEPENDENCIES
  bundler
  debugger
  em-http-request
  factory_girl
  foreman
  fuubar
  goliath
  grape
  mongoid!
  rack-test
  rake
  rest-client
  rspec
  yajl-ruby
